GEM
  remote: http://rubygems.org/
  specs:
    adsf (1.0.1)
      rack (>= 1.0.0)
    cri (2.0.2)
    kramdown (0.13.3)
    nanoc (3.2.2)
      nanoc3 (>= 3.2.2)
    nanoc3 (3.2.2)
      cri (~> 2.0)
    rack (1.3.2)

PLATFORMS
  ruby

DEPENDENCIES
  adsf
  kramdown
  nanoc
