GEM
  remote: http://rubygems.org/
  specs:
    colored (1.2)
    cri (2.5.0)
      colored (~> 1.2)
    daemons (1.1.9)
    erubis (2.7.0)
    eventmachine (1.0.0)
    kramdown (0.13.3)
    nanoc (3.6.7)
      cri (~> 2.3)
    rack (1.4.1)
    rack-protection (1.2.0)
      rack
    rake (0.9.2.2)
    sinatra (1.3.3)
      rack (~> 1.3, >= 1.3.6)
      rack-protection (~> 1.2)
      tilt (~> 1.3, >= 1.3.3)
    thin (1.5.0)
      daemons (>= 1.0.9)
      eventmachine (>= 0.12.6)
      rack (>= 1.0.0)
    tilt (1.3.3)

PLATFORMS
  ruby

DEPENDENCIES
  erubis
  kramdown
  nanoc
  rake
  sinatra
  thin
